GEM
  remote: http://rubygems.org/
  specs:
    activemodel (3.0.5)
      activesupport (= 3.0.5)
      builder (~> 2.1.2)
      i18n (~> 0.4)
    activesupport (3.0.5)
    bson (1.3.0)
    bson_ext (1.3.0)
    builder (2.1.2)
    database_cleaner (0.6.5)
    diff-lcs (1.1.2)
    git (1.2.5)
    guard (0.8.8)
      thor (~> 0.14.6)
    guard-rspec (0.5.9)
      guard (>= 0.8.4)
    i18n (0.5.0)
    jeweler (1.5.2)
      bundler (~> 1.0.0)
      git (>= 1.2.5)
      rake
    mongo (1.3.0)
      bson (>= 1.3.0)
    rake (0.8.7)
    rcov (0.9.9)
    rspec (2.5.0)
      rspec-core (~> 2.5.0)
      rspec-expectations (~> 2.5.0)
      rspec-mocks (~> 2.5.0)
    rspec-core (2.5.1)
    rspec-expectations (2.5.0)
      diff-lcs (~> 1.1.2)
    rspec-mocks (2.5.0)
    thor (0.14.6)
    tzinfo (0.3.25)
    watchr (0.7)
    yard (0.6.5)

PLATFORMS
  ruby

DEPENDENCIES
  activemodel
  activesupport
  bson_ext
  database_cleaner
  guard-rspec
  jeweler
  mongo
  rcov
  rspec
  ruby-debug19
  tzinfo
  watchr
  yard
