GEM
  remote: http://rubygems.org/
  specs:
    ZenTest (4.5.0)
    activemodel (3.0.5)
      activesupport (= 3.0.5)
      builder (~> 2.1.2)
      i18n (~> 0.4)
    activesupport (3.0.5)
    autotest (4.4.6)
      ZenTest (>= 4.4.1)
    bson (1.2.4)
    bson_ext (1.2.4)
    builder (2.1.2)
    database_cleaner (0.6.5)
    diff-lcs (1.1.2)
    git (1.2.5)
    i18n (0.5.0)
    jeweler (1.5.2)
      bundler (~> 1.0.0)
      git (>= 1.2.5)
      rake
    mongo (1.2.4)
      bson (>= 1.2.4)
    rake (0.8.7)
    rcov (0.9.9)
    rspec (2.5.0)
      rspec-core (~> 2.5.0)
      rspec-expectations (~> 2.5.0)
      rspec-mocks (~> 2.5.0)
    rspec-core (2.5.1)
    rspec-expectations (2.5.0)
      diff-lcs (~> 1.1.2)
    rspec-mocks (2.5.0)
    tzinfo (0.3.25)
    watchr (0.7)
    yard (0.6.5)

PLATFORMS
  ruby

DEPENDENCIES
  activemodel (~> 3.0.5)
  activesupport (~> 3.0.5)
  autotest
  bson_ext (~> 1.2.4)
  database_cleaner
  jeweler (~> 1.5.2)
  mongo (~> 1.2.4)
  rcov (~> 0.9.9)
  rspec (~> 2.5.0)
  tzinfo (~> 0.3.24)
  watchr (~> 0.7)
  yard (~> 0.6.5)
